GEM
  remote: https://rubygems.org/
  specs:
    bundler-audit (0.9.2)
      bundler (>= 1.2.0, < 3)
      thor (~> 1.0)
    thor (1.4.0)

PLATFORMS
  ruby

DEPENDENCIES
  bundler-audit
  thor

BUNDLED WITH
   2.2.29
