GEM
  remote: https://rubygems.org/
  specs:
    bundler-audit (0.3.1)
      bundler (~> 1.2)
      thor (~> 0.18)
    thor (0.19.1)

PLATFORMS
  ruby

DEPENDENCIES
  bundler-audit
  thor
